PATH
  remote: ../
  specs:
    parse_gemspec_cli (0.1.0)
      thor

GEM
  remote: https://rubygems.org/
  specs:
    thor (0.19.1)

PLATFORMS
  ruby

DEPENDENCIES
  parse_gemspec_cli!

BUNDLED WITH
   1.10.6
